GEM
  remote: https://gems.ruby-china.com/
  specs:
    ast (2.4.0)
    backports (3.12.0)
    ffi (1.15.0-x64-mingw32)
    ffi-win32-extensions (1.0.4)
      ffi
    jaro_winkler (1.5.2)
    multi_json (1.13.1)
    mustermann (1.0.3)
    pandoc-ruby (2.0.2)
    parallel (1.14.0)
    parser (2.6.0.0)
      ast (~> 2.4.0)
    powerpack (0.1.2)
    psych (3.1.0)
    psych (3.1.0-x64-mingw32)
    ptools (1.3.5)
    ptools (1.3.5-universal-mingw32)
      win32-file (>= 0.7.0)
    puma (3.12.0)
    rack (2.0.6)
    rack-protection (2.0.5)
      rack
    rainbow (3.0.0)
    rubocop (0.65.0)
      jaro_winkler (~> 1.5.1)
      parallel (~> 1.10)
      parser (>= 2.5, != 2.5.1.1)
      powerpack (~> 0.1)
      psych (>= 3.1.0)
      rainbow (>= 2.2.2, < 4.0)
      ruby-progressbar (~> 1.7)
      unicode-display_width (~> 1.4.0)
    ruby-progressbar (1.10.0)
    sinatra (2.0.5)
      mustermann (~> 1.0)
      rack (~> 2.0)
      rack-protection (= 2.0.5)
      tilt (~> 2.0)
    sinatra-contrib (2.0.5)
      backports (>= 2.8.2)
      multi_json
      mustermann (~> 1.0)
      rack-protection (= 2.0.5)
      sinatra (= 2.0.5)
      tilt (>= 1.3, < 3)
    sinatra-reloader (1.0)
      sinatra-contrib
    tilt (2.0.9)
    unicode-display_width (1.4.1)
    win32-file (0.8.2)
      ffi
      ffi-win32-extensions
      win32-file-stat (>= 1.4.0)
    win32-file-stat (1.5.5)
      ffi
      ffi-win32-extensions

PLATFORMS
  ruby
  x64-mingw32

DEPENDENCIES
  pandoc-ruby
  ptools
  puma
  rubocop
  sinatra
  sinatra-reloader

BUNDLED WITH
   1.17.2
